GEM
  remote: http://rubygems.org/
  specs:
    activesupport (4.2.7.1)
      i18n (~> 0.7)
      json (~> 1.7, >= 1.7.7)
      minitest (~> 5.1)
      thread_safe (~> 0.3, >= 0.3.4)
      tzinfo (~> 1.1)
    addressable (2.4.0)
    autoprefixer-rails (6.5.0.2)
      execjs
    backports (3.6.8)
    better_errors (2.1.1)
      coderay (>= 1.0.0)
      erubis (>= 2.6.6)
      rack (>= 0.9.0)
    bibtex-ruby (4.4.2)
      latex-decode (~> 0.0)
    binding_of_caller (0.7.2)
      debug_inspector (>= 0.0.1)
    builder (3.2.2)
    chunky_png (1.3.7)
    citeproc (1.0.4)
      namae (~> 0.8)
    citeproc-ruby (1.1.5)
      citeproc (>= 1.0.4, < 2.0)
      csl (~> 1.4)
    coderay (1.1.1)
    coffee-script (2.4.1)
      coffee-script-source
      execjs
    coffee-script-source (1.10.0)
    compass (1.0.3)
      chunky_png (~> 1.2)
      compass-core (~> 1.0.2)
      compass-import-once (~> 1.0.5)
      rb-fsevent (>= 0.9.3)
      rb-inotify (>= 0.9)
      sass (>= 3.3.13, < 3.5)
    compass-core (1.0.3)
      multi_json (~> 1.0)
      sass (>= 3.3.0, < 3.5)
    compass-import-once (1.0.5)
      sass (>= 3.2, < 3.5)
    concurrent-ruby (1.0.2)
    contracts (0.13.0)
    csl (1.4.5)
      namae (~> 0.7)
    csl-styles (1.0.1.7)
      csl (~> 1.0)
    debug_inspector (0.0.2)
    dotenv (2.1.1)
    em-websocket (0.5.1)
      eventmachine (>= 0.12.9)
      http_parser.rb (~> 0.6.0)
    erubis (2.7.0)
    eventmachine (1.2.0.1)
    execjs (2.7.0)
    exifr (1.2.5)
    fast_blank (1.0.0)
    fastimage (2.0.0)
      addressable (~> 2)
    ffi (1.9.14)
    font-awesome-sass (4.6.2)
      sass (>= 3.2)
    foundation (1.0.4)
      thor (>= 0.18.1)
    fspath (2.1.1)
    haml (4.0.7)
      tilt
    hamster (3.0.0)
      concurrent-ruby (~> 1.0)
    hashie (3.4.6)
    http_parser.rb (0.6.0)
    i18n (0.7.0)
    image_optim (0.20.2)
      exifr (~> 1.1, >= 1.1.3)
      fspath (~> 2.1)
      image_size (~> 1.3)
      in_threads (~> 1.3)
      progress (~> 3.0, >= 3.0.1)
    image_optim_pack (0.2.3)
      fspath (>= 2.1, < 4)
      image_optim (~> 0.19)
    image_size (1.4.2)
    in_threads (1.3.1)
    json (1.8.3)
    kramdown (1.12.0)
    latex-decode (0.2.2)
      unicode (~> 0.4)
    listen (3.0.8)
      rb-fsevent (~> 0.9, >= 0.9.4)
      rb-inotify (~> 0.9, >= 0.9.7)
    memoist (0.15.0)
    middleman (4.1.10)
      coffee-script (~> 2.2)
      compass-import-once (= 1.0.5)
      haml (>= 4.0.5)
      kramdown (~> 1.2)
      middleman-cli (= 4.1.10)
      middleman-core (= 4.1.10)
      sass (>= 3.4.0, < 4.0)
    middleman-autoprefixer (2.7.0)
      autoprefixer-rails (>= 6.3.1, < 7.0.0)
      middleman-core (>= 3.3.3)
    middleman-blog (4.0.1)
      addressable (~> 2.3)
      middleman-core (>= 4.0.0)
      tzinfo (>= 0.3.0)
    middleman-citation (0.4.1)
      bibtex-ruby
      citeproc-ruby
      csl-styles
      middleman-core (~> 4)
    middleman-cli (4.1.10)
      thor (>= 0.17.0, < 2.0)
    middleman-core (4.1.10)
      activesupport (~> 4.2)
      addressable (~> 2.3)
      backports (~> 3.6)
      bundler (~> 1.1)
      contracts (~> 0.13.0)
      dotenv
      erubis
      execjs (~> 2.0)
      fast_blank
      fastimage (~> 2.0)
      hamster (~> 3.0)
      hashie (~> 3.4)
      i18n (~> 0.7.0)
      listen (~> 3.0.0)
      memoist (~> 0.14)
      padrino-helpers (~> 0.13.0)
      parallel
      rack (>= 1.4.5, < 2.0)
      sass (>= 3.4)
      servolux
      tilt (~> 1.4.1)
      uglifier (~> 3.0)
    middleman-deploy (2.0.0.pre.alpha)
      middleman-core (>= 3.2)
      net-sftp
      ptools
    middleman-imageoptim (0.2.1)
      image_optim (~> 0.20.2)
      image_optim_pack (~> 0.2.1)
      middleman-core (>= 3.1)
    middleman-livereload (3.4.6)
      em-websocket (~> 0.5.1)
      middleman-core (>= 3.3)
      rack-livereload (~> 0.3.15)
    mini_portile2 (2.1.0)
    minitest (5.9.1)
    multi_json (1.12.1)
    namae (0.11.0)
    net-sftp (2.1.2)
      net-ssh (>= 2.6.5)
    net-ssh (3.2.0)
    nokogiri (1.6.8.1)
      mini_portile2 (~> 2.1.0)
    oj (2.17.4)
    padrino-helpers (0.13.3.2)
      i18n (~> 0.6, >= 0.6.7)
      padrino-support (= 0.13.3.2)
      tilt (>= 1.4.1, < 3)
    padrino-support (0.13.3.2)
      activesupport (>= 3.1)
    parallel (1.9.0)
    progress (3.2.2)
    ptools (1.3.3)
    rack (1.6.4)
    rack-livereload (0.3.16)
      rack
    rb-fsevent (0.9.7)
    rb-inotify (0.9.7)
      ffi (>= 0.5.0)
    redcarpet (3.3.4)
    sass (3.4.22)
    servolux (0.12.0)
    slim (3.0.7)
      temple (~> 0.7.6)
      tilt (>= 1.3.3, < 2.1)
    styledown (1.0.1)
      execjs
    temple (0.7.7)
    thor (0.19.1)
    thread_safe (0.3.5)
    tilt (1.4.1)
    tzinfo (1.2.2)
      thread_safe (~> 0.1)
    uglifier (3.0.2)
      execjs (>= 0.3.0, < 3)
    unicode (0.4.4.2)

PLATFORMS
  ruby

DEPENDENCIES
  better_errors
  binding_of_caller
  builder (~> 3.0)
  compass
  font-awesome-sass
  foundation
  kramdown
  middleman (~> 4)
  middleman-autoprefixer
  middleman-blog
  middleman-citation
  middleman-deploy (~> 2.0.0.pre.alpha)
  middleman-imageoptim
  middleman-livereload
  nokogiri
  oj
  redcarpet
  slim
  styledown

BUNDLED WITH
   1.11.2
